GEM
  remote: http://rubygems.org/
  specs:
    eventmachine (0.12.10)
    eventmachine (0.12.10-java)
    git (1.2.5)
    jeweler (1.5.0)
      bundler (~> 1.0.0)
      git (>= 1.2.5)
      rake
    rake (0.8.7)

PLATFORMS
  java
  ruby

DEPENDENCIES
  eventmachine (= 0.12.10)
  jeweler (= 1.5.0)
  rake (= 0.8.7)
