GEM
  remote: http://rubygems.org/
  specs:
    eventmachine (0.12.10)
    eventmachine (0.12.10-java)
    gemcutter (0.7.1)
    git (1.2.5)
    jeweler (1.3.0)
      gemcutter (>= 0.1.0)
      git (>= 1.2.5)
      rubyforge (>= 2.0.0)
    json_pure (1.7.5)
    rspec (1.3.0)
    rubyforge (2.0.4)
      json_pure (>= 1.1.7)

PLATFORMS
  java
  ruby

DEPENDENCIES
  eventmachine (= 0.12.10)
  jeweler (= 1.3.0)
  rspec (= 1.3)
