GEM
  remote: http://rubygems.org/
  specs:
    eventmachine (1.0.0.rc.4)
    rspec (1.3.0)

PLATFORMS
  ruby

DEPENDENCIES
  eventmachine (= 1.0.0.rc4)
  rspec (= 1.3)
