GEM
  remote: http://rubygems.org/
  specs:
    eventmachine (1.0.0.rc.4)
    eventmachine (1.0.0.rc.4-java)

PLATFORMS
  java
  ruby

DEPENDENCIES
  eventmachine (= 1.0.0.rc.4)
